GIT
  remote: git://github.com/Bushido/devise_cas_authenticatable.git
  revision: b76e04a13bd5ba63c4274b4ec8f941ff5a5eaaa8
  specs:
    devise_bushido_authenticatable (1.0.0)
      devise
      devise (>= 1.0.6)
      rubycas-client (>= 2.2.1)

GIT
  remote: git://github.com/HashNuke/bushidogem.git
  revision: e7dce22b83638c89d96746a69e345fc0bd68d43a
  branch: akash_dev
  specs:
    bushido (0.0.35)
      highline (>= 1.6.1)
      json (>= 1.4.6)
      orm_adapter (~> 0.0.3)
      rest-client (>= 1.6.1)

GEM
  remote: http://rubygems.org/
  specs:
    actionmailer (2.3.12)
      actionpack (= 2.3.12)
    actionpack (2.3.12)
      activesupport (= 2.3.12)
      rack (~> 1.1.0)
    activerecord (2.3.12)
      activesupport (= 2.3.12)
    activeresource (2.3.12)
      activesupport (= 2.3.12)
    activesupport (2.3.12)
    aws-s3 (0.6.2)
      builder
      mime-types
      xml-simple
    builder (3.0.0)
    cocaine (0.1.0)
    devise (1.0.9)
      warden (~> 0.10.3)
    highline (1.6.2)
    json (1.6.1)
    mime-types (1.16)
    orm_adapter (0.0.5)
    paperclip (2.3.16)
      activerecord (>= 2.3.0)
      activesupport (>= 2.3.2)
      cocaine (>= 0.0.2)
      mime-types
    pg (0.11.0)
    rack (1.1.2)
    rails (2.3.12)
      actionmailer (= 2.3.12)
      actionpack (= 2.3.12)
      activerecord (= 2.3.12)
      activeresource (= 2.3.12)
      activesupport (= 2.3.12)
      rake (>= 0.8.3)
    rake (0.9.2)
    rdoc (2.4.3)
    rest-client (1.6.7)
      mime-types (>= 1.16)
    rmagick (2.13.1)
    rubycas-client (2.2.1)
      activesupport
    sqlite3 (1.3.4)
    warden (0.10.7)
      rack (>= 1.0.0)
    xml-simple (1.1.0)

PLATFORMS
  ruby

DEPENDENCIES
  aws-s3
  bushido!
  devise (= 1.0.9)
  devise_bushido_authenticatable!
  paperclip
  pg
  rails (~> 2.3.5)
  rake (= 0.9.2)
  rdoc (= 2.4.3)
  rmagick
  sqlite3
